PATH
  remote: .
  specs:
    bloom_filter (0.1.0)

GEM
  remote: https://rubygems.org/
  specs:
    bitset (1.2.0)
    rake (12.3.3)

PLATFORMS
  x64-mingw32

DEPENDENCIES
  bitset (~> 1.2)
  bloom_filter!
  rake (~> 12.0)

BUNDLED WITH
   2.1.4
